PATH
  remote: ../../../../../tender_spec
  specs:
    tender_spec (1.0.2)
      rugged (~> 0.21, >= 0.21.0)
      sqlite3 (~> 1.3, >= 1.3.10)

GEM
  remote: https://rubygems.org/
  specs:
    diff-lcs (1.2.5)
    minitest (5.5.1)
    rake (10.4.2)
    rspec (3.2.0)
      rspec-core (~> 3.2.0)
      rspec-expectations (~> 3.2.0)
      rspec-mocks (~> 3.2.0)
    rspec-core (3.2.3)
      rspec-support (~> 3.2.0)
    rspec-expectations (3.2.1)
      diff-lcs (>= 1.2.0, < 2.0)
      rspec-support (~> 3.2.0)
    rspec-mocks (3.2.1)
      diff-lcs (>= 1.2.0, < 2.0)
      rspec-support (~> 3.2.0)
    rspec-support (3.2.2)
    rugged (0.21.4)
    sqlite3 (1.3.10)

PLATFORMS
  ruby

DEPENDENCIES
  minitest
  rake
  rspec
  tender_spec!
